STORAGE: NONE
RESTRICTION: || (== net6.0) (== net8.0) (== netstandard2.0) (== netstandard2.1)
NUGET
  remote: https://api.nuget.org/v3/index.json
    Argu (6.2.5)
      FSharp.Core (>= 6.0)
      System.Configuration.ConfigurationManager (>= 4.4)
    AspNetCore.Proxy (4.5)
      Microsoft.AspNetCore (>= 2.1) - restriction: || (&& (== net8.0) (< net6.0)) (== netstandard2.0) (== netstandard2.1)
      Microsoft.AspNetCore.Mvc (>= 2.1) - restriction: || (&& (== net8.0) (< net6.0)) (== netstandard2.0) (== netstandard2.1)
      Microsoft.Extensions.Http (>= 2.1) - restriction: || (&& (== net8.0) (< net6.0)) (== netstandard2.0) (== netstandard2.1)
    coverlet.collector (6.0.4)
    Fable.Browser.Blob (1.4)
      Fable.Core (>= 3.2.8)
      FSharp.Core (>= 4.7.2)
    Fable.Browser.Event (1.7)
      Fable.Browser.Gamepad (>= 1.3)
      Fable.Core (>= 3.2.8)
      FSharp.Core (>= 4.7.2)
    Fable.Browser.Gamepad (1.3)
      Fable.Core (>= 3.2.8)
      FSharp.Core (>= 4.7.2)
    Fable.Core (4.3)
    Fable.Fetch (2.7)
      Fable.Browser.Blob (>= 1.2)
      Fable.Browser.Event (>= 1.5)
      Fable.Core (>= 3.7.1)
      Fable.Promise (>= 2.2.2)
      FSharp.Core (>= 4.7.2)
    Fable.Promise (3.2)
      Fable.Core (>= 3.7.1)
      FSharp.Core (>= 4.7.2)
    Fable.Python (4.6.1) - restriction: || (== net6.0) (== net8.0) (&& (== netstandard2.0) (>= net6.0)) (&& (== netstandard2.1) (>= net6.0))
      Fable.Core (>= 4.2 < 5.0)
      FSharp.Core (>= 4.7.2)
    Fable.SimpleJson.Python (2.0)
      Fable.Python (>= 4.0.0-theta-004) - restriction: || (== net6.0) (== net8.0) (&& (== netstandard2.0) (>= net6.0)) (&& (== netstandard2.1) (>= net6.0))
      FSharp.Core (>= 4.7.2) - restriction: || (== net6.0) (== net8.0) (&& (== netstandard2.0) (>= net6.0)) (&& (== netstandard2.1) (>= net6.0))
    FSharp.Compiler.Service (43.9.101)
      FSharp.Core (9.0.101)
      System.Buffers (>= 4.5.1)
      System.Collections.Immutable (>= 8.0)
      System.Diagnostics.DiagnosticSource (>= 8.0)
      System.Memory (>= 4.5.5)
      System.Reflection.Emit (>= 4.7)
      System.Reflection.Metadata (>= 8.0)
      System.Runtime.CompilerServices.Unsafe (>= 6.0)
    FSharp.Core (9.0.101)
    FSharp.Data (6.4.1)
      FSharp.Core (>= 6.0.1)
      FSharp.Data.Csv.Core (>= 6.4.1)
      FSharp.Data.Html.Core (>= 6.4.1)
      FSharp.Data.Http (>= 6.4.1)
      FSharp.Data.Json.Core (>= 6.4.1)
      FSharp.Data.Runtime.Utilities (>= 6.4.1)
      FSharp.Data.WorldBank.Core (>= 6.4.1)
      FSharp.Data.Xml.Core (>= 6.4.1)
    FSharp.Data.Csv.Core (6.4.1)
      FSharp.Core (>= 6.0.1)
      FSharp.Data.Runtime.Utilities (>= 6.4.1)
    FSharp.Data.Html.Core (6.4.1)
      FSharp.Core (>= 6.0.1)
      FSharp.Data.Csv.Core (>= 6.4.1)
      FSharp.Data.Runtime.Utilities (>= 6.4.1)
    FSharp.Data.Http (6.4.1)
      FSharp.Core (>= 6.0.1)
    FSharp.Data.Json.Core (6.4.1)
      FSharp.Core (>= 6.0.1)
      FSharp.Data.Http (>= 6.4.1)
      FSharp.Data.Runtime.Utilities (>= 6.4.1)
    FSharp.Data.Runtime.Utilities (6.4.1)
      FSharp.Core (>= 6.0.1)
      FSharp.Data.Http (>= 6.4.1)
    FSharp.Data.WorldBank.Core (6.4.1)
      FSharp.Core (>= 6.0.1)
      FSharp.Data.Http (>= 6.4.1)
      FSharp.Data.Json.Core (>= 6.4.1)
      FSharp.Data.Runtime.Utilities (>= 6.4.1)
    FSharp.Data.Xml.Core (6.4.1)
      FSharp.Core (>= 6.0.1)
      FSharp.Data.Http (>= 6.4.1)
      FSharp.Data.Json.Core (>= 6.4.1)
      FSharp.Data.Runtime.Utilities (>= 6.4.1)
    FSharp.SystemTextJson (1.3.13)
      FSharp.Core (>= 4.7)
      System.Text.Json (>= 6.0)
    FSlugify (1.2.1)
      FSharp.Core (>= 6.0.6) - restriction: || (== net6.0) (== net8.0) (&& (== netstandard2.0) (>= netstandard2.1)) (== netstandard2.1)
    Microsoft.AspNetCore (2.3) - restriction: || (&& (== net8.0) (< net6.0)) (== netstandard2.0) (== netstandard2.1)
      Microsoft.AspNetCore.Diagnostics (>= 2.3)
      Microsoft.AspNetCore.HostFiltering (>= 2.3)
      Microsoft.AspNetCore.Hosting (>= 2.3)
      Microsoft.AspNetCore.Routing (>= 2.3)
      Microsoft.AspNetCore.Server.IISIntegration (>= 2.3)
      Microsoft.AspNetCore.Server.Kestrel (>= 2.3)
      Microsoft.AspNetCore.Server.Kestrel.Core (>= 2.3)
      Microsoft.AspNetCore.Server.Kestrel.Https (>= 2.3)
      Microsoft.Extensions.Configuration.CommandLine (>= 8.0)
      Microsoft.Extensions.Configuration.EnvironmentVariables (>= 8.0)
      Microsoft.Extensions.Configuration.FileExtensions (>= 8.0.1)
      Microsoft.Extensions.Configuration.Json (>= 8.0.1)
      Microsoft.Extensions.Configuration.UserSecrets (>= 8.0.1)
      Microsoft.Extensions.Logging (>= 8.0.1)
      Microsoft.Extensions.Logging.Configuration (>= 8.0.1)
      Microsoft.Extensions.Logging.Console (>= 8.0.1)
      Microsoft.Extensions.Logging.Debug (>= 8.0.1)
    Microsoft.AspNetCore.Antiforgery (2.3) - restriction: || (&& (== net8.0) (< net6.0)) (== netstandard2.0) (== netstandard2.1)
      Microsoft.AspNetCore.DataProtection (>= 2.3)
      Microsoft.AspNetCore.Http.Abstractions (>= 2.3)
      Microsoft.AspNetCore.Http.Extensions (>= 2.3)
      Microsoft.AspNetCore.WebUtilities (>= 2.3)
      Microsoft.Extensions.ObjectPool (>= 8.0.11)
    Microsoft.AspNetCore.Authentication.Abstractions (2.3) - restriction: || (&& (== net8.0) (< net6.0)) (== netstandard2.0) (== netstandard2.1)
      Microsoft.AspNetCore.Http.Abstractions (>= 2.3)
      Microsoft.Extensions.Logging.Abstractions (>= 8.0.2)
      Microsoft.Extensions.Options (>= 8.0.2)
    Microsoft.AspNetCore.Authentication.Core (2.3) - restriction: || (&& (== net8.0) (< net6.0)) (== netstandard2.0) (== netstandard2.1)
      Microsoft.AspNetCore.Authentication.Abstractions (>= 2.3)
      Microsoft.AspNetCore.Http (>= 2.3)
      Microsoft.AspNetCore.Http.Extensions (>= 2.3)
    Microsoft.AspNetCore.Authorization (9.0.1) - restriction: || (&& (== net8.0) (< net6.0)) (== netstandard2.0) (== netstandard2.1)
      Microsoft.AspNetCore.Metadata (>= 9.0.1)
      Microsoft.Extensions.Logging.Abstractions (>= 9.0.1)
      Microsoft.Extensions.Options (>= 9.0.1)
    Microsoft.AspNetCore.Authorization.Policy (2.3) - restriction: || (&& (== net8.0) (< net6.0)) (== netstandard2.0) (== netstandard2.1)
      Microsoft.AspNetCore.Authentication.Abstractions (>= 2.3)
      Microsoft.AspNetCore.Authorization (>= 2.3)
    Microsoft.AspNetCore.Connections.Abstractions (9.0.1) - restriction: || (&& (== net8.0) (< net6.0)) (== netstandard2.0) (== netstandard2.1)
      Microsoft.Bcl.AsyncInterfaces (>= 9.0.1)
      Microsoft.Extensions.Features (>= 9.0.1)
      System.IO.Pipelines (>= 9.0.1)
    Microsoft.AspNetCore.Cors (2.3) - restriction: || (&& (== net8.0) (< net6.0)) (== netstandard2.0) (== netstandard2.1)
      Microsoft.AspNetCore.Http.Extensions (>= 2.3)
      Microsoft.Extensions.Configuration.Abstractions (>= 8.0)
      Microsoft.Extensions.DependencyInjection.Abstractions (>= 8.0.2)
      Microsoft.Extensions.Logging.Abstractions (>= 8.0.2)
      Microsoft.Extensions.Options (>= 8.0.2)
    Microsoft.AspNetCore.Cryptography.Internal (9.0.1) - restriction: || (&& (== net8.0) (< net6.0)) (== netstandard2.0) (== netstandard2.1)
    Microsoft.AspNetCore.DataProtection (9.0.1) - restriction: || (&& (== net8.0) (< net6.0)) (== netstandard2.0) (== netstandard2.1)
      Microsoft.AspNetCore.Cryptography.Internal (>= 9.0.1)
      Microsoft.AspNetCore.DataProtection.Abstractions (>= 9.0.1)
      Microsoft.Extensions.DependencyInjection.Abstractions (>= 9.0.1)
      Microsoft.Extensions.Hosting.Abstractions (>= 9.0.1)
      Microsoft.Extensions.Logging.Abstractions (>= 9.0.1)
      Microsoft.Extensions.Options (>= 9.0.1)
      Microsoft.Win32.Registry (>= 5.0)
      System.Security.Cryptography.Xml (>= 9.0.1)
      System.Security.Principal.Windows (>= 5.0)
    Microsoft.AspNetCore.DataProtection.Abstractions (9.0.1) - restriction: || (&& (== net8.0) (< net6.0)) (== netstandard2.0) (== netstandard2.1)
    Microsoft.AspNetCore.Diagnostics (2.3) - restriction: || (&& (== net8.0) (< net6.0)) (== netstandard2.0) (== netstandard2.1)
      Microsoft.AspNetCore.Diagnostics.Abstractions (>= 2.3)
      Microsoft.AspNetCore.Hosting.Abstractions (>= 2.3)
      Microsoft.AspNetCore.Http.Extensions (>= 2.3)
      Microsoft.AspNetCore.WebUtilities (>= 2.3)
      Microsoft.Extensions.FileProviders.Physical (>= 8.0)
      Microsoft.Extensions.Logging.Abstractions (>= 8.0.2)
      Microsoft.Extensions.Options (>= 8.0.2)
      System.Diagnostics.DiagnosticSource (>= 8.0.1)
      System.Reflection.Metadata (>= 8.0.1)
    Microsoft.AspNetCore.Diagnostics.Abstractions (2.3) - restriction: || (&& (== net8.0) (< net6.0)) (== netstandard2.0) (== netstandard2.1)
    Microsoft.AspNetCore.HostFiltering (2.3) - restriction: || (&& (== net8.0) (< net6.0)) (== netstandard2.0) (== netstandard2.1)
      Microsoft.AspNetCore.Hosting.Abstractions (>= 2.3)
      Microsoft.AspNetCore.Http (>= 2.3)
      Microsoft.AspNetCore.Http.Extensions (>= 2.3)
      Microsoft.Extensions.Options (>= 8.0.2)
    Microsoft.AspNetCore.Hosting (2.3) - restriction: || (&& (== net8.0) (< net6.0)) (== netstandard2.0) (== netstandard2.1)
      Microsoft.AspNetCore.Hosting.Abstractions (>= 2.3)
      Microsoft.AspNetCore.Http (>= 2.3)
      Microsoft.AspNetCore.Http.Extensions (>= 2.3)
      Microsoft.Extensions.Configuration (>= 8.0)
      Microsoft.Extensions.Configuration.EnvironmentVariables (>= 8.0)
      Microsoft.Extensions.Configuration.FileExtensions (>= 8.0.1)
      Microsoft.Extensions.DependencyInjection (>= 8.0.1)
      Microsoft.Extensions.FileProviders.Physical (>= 8.0)
      Microsoft.Extensions.Hosting.Abstractions (>= 8.0.1)
      Microsoft.Extensions.Logging (>= 8.0.1)
      Microsoft.Extensions.Logging.Debug (>= 8.0.1)
      Microsoft.Extensions.Options (>= 8.0.2)
      System.Diagnostics.DiagnosticSource (>= 8.0.1)
      System.Reflection.Metadata (>= 8.0.1)
    Microsoft.AspNetCore.Hosting.Abstractions (2.3) - restriction: || (&& (== net8.0) (< net6.0)) (== netstandard2.0) (== netstandard2.1)
      Microsoft.AspNetCore.Hosting.Server.Abstractions (>= 2.3)
      Microsoft.AspNetCore.Http.Abstractions (>= 2.3)
      Microsoft.Extensions.Hosting.Abstractions (>= 8.0.1)
    Microsoft.AspNetCore.Hosting.Server.Abstractions (2.3) - restriction: || (&& (== net8.0) (< net6.0)) (== netstandard2.0) (== netstandard2.1)
      Microsoft.AspNetCore.Http.Features (>= 2.3)
      Microsoft.Extensions.Configuration.Abstractions (>= 8.0)
    Microsoft.AspNetCore.Html.Abstractions (2.3) - restriction: || (&& (== net8.0) (< net6.0)) (== netstandard2.0) (== netstandard2.1)
      System.Text.Encodings.Web (>= 8.0)
    Microsoft.AspNetCore.Http (2.3) - restriction: || (&& (== net8.0) (< net6.0)) (== netstandard2.0) (== netstandard2.1)
      Microsoft.AspNetCore.Http.Abstractions (>= 2.3)
      Microsoft.AspNetCore.WebUtilities (>= 2.3)
      Microsoft.Extensions.ObjectPool (>= 8.0.11)
      Microsoft.Extensions.Options (>= 8.0.2)
      Microsoft.Net.Http.Headers (>= 2.3)
    Microsoft.AspNetCore.Http.Abstractions (2.3) - restriction: || (&& (== net8.0) (< net6.0)) (== netstandard2.0) (== netstandard2.1)
      Microsoft.AspNetCore.Http.Features (>= 2.3)
      System.Text.Encodings.Web (>= 8.0)
    Microsoft.AspNetCore.Http.Extensions (2.3) - restriction: || (&& (== net8.0) (< net6.0)) (== netstandard2.0) (== netstandard2.1)
      Microsoft.AspNetCore.Http.Abstractions (>= 2.3)
      Microsoft.Extensions.FileProviders.Abstractions (>= 8.0)
      Microsoft.Net.Http.Headers (>= 2.3)
      System.Buffers (>= 4.6)
    Microsoft.AspNetCore.Http.Features (5.0.17) - restriction: || (&& (== net8.0) (< net6.0)) (== netstandard2.0) (== netstandard2.1)
      Microsoft.Extensions.Primitives (>= 5.0.1)
      System.IO.Pipelines (>= 5.0.2)
    Microsoft.AspNetCore.HttpOverrides (2.3) - restriction: || (&& (== net8.0) (< net6.0)) (== netstandard2.0) (== netstandard2.1)
      Microsoft.AspNetCore.Http.Extensions (>= 2.3)
      Microsoft.Extensions.Logging.Abstractions (>= 8.0.2)
      Microsoft.Extensions.Options (>= 8.0.2)
    Microsoft.AspNetCore.JsonPatch (9.0.1) - restriction: || (&& (== net8.0) (< net6.0)) (== netstandard2.0) (== netstandard2.1)
      Microsoft.CSharp (>= 4.7)
      Newtonsoft.Json (>= 13.0.3)
    Microsoft.AspNetCore.Localization (2.3) - restriction: || (&& (== net8.0) (< net6.0)) (== netstandard2.0) (== netstandard2.1)
      Microsoft.AspNetCore.Http.Extensions (>= 2.3)
      Microsoft.Extensions.Localization.Abstractions (>= 8.0.11)
      Microsoft.Extensions.Logging.Abstractions (>= 8.0.2)
      Microsoft.Extensions.Options (>= 8.0.2)
    Microsoft.AspNetCore.Metadata (9.0.1) - restriction: || (&& (== net8.0) (< net6.0)) (== netstandard2.0) (== netstandard2.1)
    Microsoft.AspNetCore.Mvc (2.3) - restriction: || (&& (== net8.0) (< net6.0)) (== netstandard2.0) (== netstandard2.1)
      Microsoft.AspNetCore.Mvc.ApiExplorer (>= 2.3)
      Microsoft.AspNetCore.Mvc.Cors (>= 2.3)
      Microsoft.AspNetCore.Mvc.DataAnnotations (>= 2.3)
      Microsoft.AspNetCore.Mvc.Formatters.Json (>= 2.3)
      Microsoft.AspNetCore.Mvc.Localization (>= 2.3)
      Microsoft.AspNetCore.Mvc.Razor.Extensions (>= 2.3)
      Microsoft.AspNetCore.Mvc.RazorPages (>= 2.3)
      Microsoft.AspNetCore.Mvc.TagHelpers (>= 2.3)
      Microsoft.AspNetCore.Mvc.ViewFeatures (>= 2.3)
      Microsoft.AspNetCore.Razor.Design (>= 2.3)
      Microsoft.Extensions.Caching.Memory (>= 8.0.1)
      Microsoft.Extensions.DependencyInjection (>= 8.0.1)
    Microsoft.AspNetCore.Mvc.Abstractions (2.3) - restriction: || (&& (== net8.0) (< net6.0)) (== netstandard2.0) (== netstandard2.1)
      Microsoft.AspNetCore.Routing.Abstractions (>= 2.3)
      Microsoft.Net.Http.Headers (>= 2.3)
    Microsoft.AspNetCore.Mvc.ApiExplorer (2.3) - restriction: || (&& (== net8.0) (< net6.0)) (== netstandard2.0) (== netstandard2.1)
      Microsoft.AspNetCore.Mvc.Core (>= 2.3)
    Microsoft.AspNetCore.Mvc.Core (2.3) - restriction: || (&& (== net8.0) (< net6.0)) (== netstandard2.0) (== netstandard2.1)
      Microsoft.AspNetCore.Authentication.Core (>= 2.3)
      Microsoft.AspNetCore.Authorization.Policy (>= 2.3)
      Microsoft.AspNetCore.Hosting.Abstractions (>= 2.3)
      Microsoft.AspNetCore.Http (>= 2.3)
      Microsoft.AspNetCore.Http.Extensions (>= 2.3)
      Microsoft.AspNetCore.Mvc.Abstractions (>= 2.3)
      Microsoft.AspNetCore.ResponseCaching.Abstractions (>= 2.3)
      Microsoft.AspNetCore.Routing (>= 2.3)
      Microsoft.Extensions.DependencyInjection (>= 8.0.1)
      Microsoft.Extensions.DependencyModel (>= 2.1)
      Microsoft.Extensions.FileProviders.Abstractions (>= 8.0)
      Microsoft.Extensions.Logging.Abstractions (>= 8.0.2)
      System.Diagnostics.DiagnosticSource (>= 8.0.1)
      System.Threading.Tasks.Extensions (>= 4.6)
    Microsoft.AspNetCore.Mvc.Cors (2.3) - restriction: || (&& (== net8.0) (< net6.0)) (== netstandard2.0) (== netstandard2.1)
      Microsoft.AspNetCore.Cors (>= 2.3)
      Microsoft.AspNetCore.Mvc.Core (>= 2.3)
    Microsoft.AspNetCore.Mvc.DataAnnotations (2.3) - restriction: || (&& (== net8.0) (< net6.0)) (== netstandard2.0) (== netstandard2.1)
      Microsoft.AspNetCore.Mvc.Core (>= 2.3)
      Microsoft.Extensions.Localization (>= 8.0.11)
      System.ComponentModel.Annotations (>= 5.0)
    Microsoft.AspNetCore.Mvc.Formatters.Json (2.3) - restriction: || (&& (== net8.0) (< net6.0)) (== netstandard2.0) (== netstandard2.1)
      Microsoft.AspNetCore.JsonPatch (>= 2.3)
      Microsoft.AspNetCore.Mvc.Core (>= 2.3)
    Microsoft.AspNetCore.Mvc.Localization (2.3) - restriction: || (&& (== net8.0) (< net6.0)) (== netstandard2.0) (== netstandard2.1)
      Microsoft.AspNetCore.Localization (>= 2.3)
      Microsoft.AspNetCore.Mvc.Razor (>= 2.3)
      Microsoft.Extensions.DependencyInjection (>= 8.0.1)
      Microsoft.Extensions.Localization (>= 8.0.11)
    Microsoft.AspNetCore.Mvc.Razor (2.3) - restriction: || (&& (== net8.0) (< net6.0)) (== netstandard2.0) (== netstandard2.1)
      Microsoft.AspNetCore.Mvc.Razor.Extensions (>= 2.3)
      Microsoft.AspNetCore.Mvc.ViewFeatures (>= 2.3)
      Microsoft.AspNetCore.Razor.Runtime (>= 2.3)
      Microsoft.CodeAnalysis.CSharp (>= 2.8.2)
      Microsoft.CodeAnalysis.Razor (>= 2.3)
      Microsoft.Extensions.Caching.Memory (>= 8.0.1)
      Microsoft.Extensions.FileProviders.Composite (>= 8.0)
    Microsoft.AspNetCore.Mvc.Razor.Extensions (6.0.36) - restriction: || (&& (== net8.0) (< net6.0)) (== netstandard2.0) (== netstandard2.1)
      Microsoft.AspNetCore.Razor.Language (>= 6.0.36)
      Microsoft.CodeAnalysis.Razor (>= 6.0.36)
    Microsoft.AspNetCore.Mvc.RazorPages (2.3) - restriction: || (&& (== net8.0) (< net6.0)) (== netstandard2.0) (== netstandard2.1)
      Microsoft.AspNetCore.Mvc.Razor (>= 2.3)
    Microsoft.AspNetCore.Mvc.TagHelpers (2.3) - restriction: || (&& (== net8.0) (< net6.0)) (== netstandard2.0) (== netstandard2.1)
      Microsoft.AspNetCore.Mvc.Razor (>= 2.3)
      Microsoft.AspNetCore.Razor.Runtime (>= 2.3)
      Microsoft.AspNetCore.Routing.Abstractions (>= 2.3)
      Microsoft.Extensions.Caching.Memory (>= 8.0.1)
      Microsoft.Extensions.FileSystemGlobbing (>= 8.0)
      Microsoft.Extensions.Primitives (>= 8.0)
    Microsoft.AspNetCore.Mvc.ViewFeatures (2.3) - restriction: || (&& (== net8.0) (< net6.0)) (== netstandard2.0) (== netstandard2.1)
      Microsoft.AspNetCore.Antiforgery (>= 2.3)
      Microsoft.AspNetCore.Diagnostics.Abstractions (>= 2.3)
      Microsoft.AspNetCore.Html.Abstractions (>= 2.3)
      Microsoft.AspNetCore.Mvc.Core (>= 2.3)
      Microsoft.AspNetCore.Mvc.DataAnnotations (>= 2.3)
      Microsoft.AspNetCore.Mvc.Formatters.Json (>= 2.3)
      Microsoft.Extensions.WebEncoders (>= 8.0.11)
      Newtonsoft.Json (>= 13.0.1)
      Newtonsoft.Json.Bson (>= 1.0.2)
    Microsoft.AspNetCore.Razor (2.3) - restriction: || (&& (== net8.0) (< net6.0)) (== netstandard2.0) (== netstandard2.1)
      Microsoft.AspNetCore.Html.Abstractions (>= 2.3)
    Microsoft.AspNetCore.Razor.Design (2.3) - restriction: || (&& (== net8.0) (< net6.0)) (== netstandard2.0) (== netstandard2.1)
    Microsoft.AspNetCore.Razor.Language (6.0.36) - restriction: || (&& (== net8.0) (< net6.0)) (== netstandard2.0) (== netstandard2.1)
    Microsoft.AspNetCore.Razor.Runtime (2.3) - restriction: || (&& (== net8.0) (< net6.0)) (== netstandard2.0) (== netstandard2.1)
      Microsoft.AspNetCore.Html.Abstractions (>= 2.3)
      Microsoft.AspNetCore.Razor (>= 2.3)
    Microsoft.AspNetCore.ResponseCaching.Abstractions (2.3) - restriction: || (&& (== net8.0) (< net6.0)) (== netstandard2.0) (== netstandard2.1)
      Microsoft.Extensions.Primitives (>= 8.0)
    Microsoft.AspNetCore.Routing (2.3) - restriction: || (&& (== net8.0) (< net6.0)) (== netstandard2.0) (== netstandard2.1)
      Microsoft.AspNetCore.Http.Extensions (>= 2.3)
      Microsoft.AspNetCore.Routing.Abstractions (>= 2.3)
      Microsoft.Extensions.Logging.Abstractions (>= 8.0.2)
      Microsoft.Extensions.ObjectPool (>= 8.0.11)
      Microsoft.Extensions.Options (>= 8.0.2)
    Microsoft.AspNetCore.Routing.Abstractions (2.3) - restriction: || (&& (== net8.0) (< net6.0)) (== netstandard2.0) (== netstandard2.1)
      Microsoft.AspNetCore.Http.Abstractions (>= 2.3)
    Microsoft.AspNetCore.Server.IISIntegration (2.3) - restriction: || (&& (== net8.0) (< net6.0)) (== netstandard2.0) (== netstandard2.1)
      Microsoft.AspNetCore.Authentication.Core (>= 2.3)
      Microsoft.AspNetCore.Hosting.Abstractions (>= 2.3)
      Microsoft.AspNetCore.Http (>= 2.3)
      Microsoft.AspNetCore.Http.Extensions (>= 2.3)
      Microsoft.AspNetCore.HttpOverrides (>= 2.3)
      Microsoft.Extensions.Logging.Abstractions (>= 8.0.2)
      Microsoft.Extensions.Options (>= 8.0.2)
      System.Buffers (>= 4.6)
      System.IO.Pipelines (>= 8.0)
      System.Memory (>= 4.6)
      System.Numerics.Vectors (>= 4.6)
      System.Runtime.CompilerServices.Unsafe (>= 6.1)
      System.Security.Principal.Windows (>= 5.0)
    Microsoft.AspNetCore.Server.Kestrel (2.3) - restriction: || (&& (== net8.0) (< net6.0)) (== netstandard2.0) (== netstandard2.1)
      Microsoft.AspNetCore.Hosting (>= 2.3)
      Microsoft.AspNetCore.Server.Kestrel.Core (>= 2.3)
      Microsoft.AspNetCore.Server.Kestrel.Https (>= 2.3)
      Microsoft.AspNetCore.Server.Kestrel.Transport.Sockets (>= 2.3)
      System.IO.Pipelines (>= 8.0)
    Microsoft.AspNetCore.Server.Kestrel.Core (2.3) - restriction: || (&& (== net8.0) (< net6.0)) (== netstandard2.0) (== netstandard2.1)
      Microsoft.AspNetCore.Hosting.Abstractions (>= 2.3)
      Microsoft.AspNetCore.Server.Kestrel.Transport.Abstractions (>= 2.3)
      Microsoft.AspNetCore.WebUtilities (>= 2.3)
      Microsoft.Extensions.Configuration (>= 8.0)
      Microsoft.Extensions.Configuration.Binder (>= 8.0.2)
      Microsoft.Extensions.Logging.Abstractions (>= 8.0.2)
      Microsoft.Extensions.Options (>= 8.0.2)
      Microsoft.Net.Http.Headers (>= 2.3)
      System.Memory (>= 4.6)
      System.Numerics.Vectors (>= 4.6)
      System.Runtime.CompilerServices.Unsafe (>= 6.1)
      System.Security.Cryptography.Cng (>= 5.0)
      System.Threading.Tasks.Extensions (>= 4.6)
    Microsoft.AspNetCore.Server.Kestrel.Https (2.3) - restriction: || (&& (== net8.0) (< net6.0)) (== netstandard2.0) (== netstandard2.1)
      Microsoft.AspNetCore.Http.Abstractions (>= 2.3)
      Microsoft.AspNetCore.Server.Kestrel.Core (>= 2.3)
    Microsoft.AspNetCore.Server.Kestrel.Transport.Abstractions (2.3) - restriction: || (&& (== net8.0) (< net6.0)) (== netstandard2.0) (== netstandard2.1)
      Microsoft.AspNetCore.Connections.Abstractions (>= 2.3)
      System.IO.Pipelines (>= 8.0)
    Microsoft.AspNetCore.Server.Kestrel.Transport.Sockets (2.3) - restriction: || (&& (== net8.0) (< net6.0)) (== netstandard2.0) (== netstandard2.1)
      Microsoft.AspNetCore.Hosting.Abstractions (>= 2.3)
      Microsoft.AspNetCore.Server.Kestrel.Transport.Abstractions (>= 2.3)
      Microsoft.Extensions.Options (>= 8.0.2)
    Microsoft.AspNetCore.WebUtilities (9.0.1) - restriction: || (&& (== net8.0) (< net6.0)) (== netstandard2.0) (== netstandard2.1)
      Microsoft.Net.Http.Headers (>= 9.0.1)
    Microsoft.Bcl.AsyncInterfaces (9.0.1) - restriction: || (== net6.0) (&& (== net8.0) (>= net462)) (&& (== net8.0) (< net6.0)) (&& (== net8.0) (< netstandard2.1)) (== netstandard2.0) (== netstandard2.1)
      System.Threading.Tasks.Extensions (>= 4.5.4) - restriction: || (&& (== net6.0) (>= net462)) (&& (== net6.0) (< netstandard2.1)) (&& (== net8.0) (>= net462)) (&& (== net8.0) (< netstandard2.1)) (== netstandard2.0) (&& (== netstandard2.1) (>= net462))
    Microsoft.Bcl.Cryptography (9.0.1) - restriction: || (&& (== net8.0) (>= net462)) (&& (== net8.0) (< net6.0)) (== netstandard2.0) (== netstandard2.1)
      System.Formats.Asn1 (>= 9.0.1)
      System.Memory (>= 4.5.5) - restriction: || (== net6.0) (&& (== net8.0) (>= net462)) (== netstandard2.0) (== netstandard2.1)
      System.Runtime.CompilerServices.Unsafe (>= 6.0) - restriction: || (== net6.0) (&& (== net8.0) (>= net462)) (== netstandard2.0) (== netstandard2.1)
    Microsoft.CodeAnalysis.Analyzers (3.11) - restriction: || (&& (== net8.0) (< net6.0)) (== netstandard2.0) (== netstandard2.1)
    Microsoft.CodeAnalysis.Common (4.12) - restriction: || (&& (== net8.0) (< net6.0)) (== netstandard2.0) (== netstandard2.1)
      Microsoft.CodeAnalysis.Analyzers (>= 3.3.4)
      System.Buffers (>= 4.5.1) - restriction: || (== net6.0) (&& (== net8.0) (< net7.0)) (== netstandard2.0) (== netstandard2.1)
      System.Collections.Immutable (>= 8.0)
      System.Memory (>= 4.5.5) - restriction: || (== net6.0) (&& (== net8.0) (< net7.0)) (== netstandard2.0) (== netstandard2.1)
      System.Numerics.Vectors (>= 4.5) - restriction: || (== net6.0) (&& (== net8.0) (< net7.0)) (== netstandard2.0) (== netstandard2.1)
      System.Reflection.Metadata (>= 8.0)
      System.Runtime.CompilerServices.Unsafe (>= 6.0) - restriction: || (== net6.0) (&& (== net8.0) (< net7.0)) (== netstandard2.0) (== netstandard2.1)
      System.Text.Encoding.CodePages (>= 7.0) - restriction: || (== net6.0) (&& (== net8.0) (< net7.0)) (== netstandard2.0) (== netstandard2.1)
      System.Threading.Tasks.Extensions (>= 4.5.4) - restriction: || (== net6.0) (&& (== net8.0) (< net7.0)) (== netstandard2.0) (== netstandard2.1)
    Microsoft.CodeAnalysis.CSharp (4.12) - restriction: || (&& (== net8.0) (< net6.0)) (== netstandard2.0) (== netstandard2.1)
      Microsoft.CodeAnalysis.Analyzers (>= 3.3.4)
      Microsoft.CodeAnalysis.Common (4.12)
      System.Buffers (>= 4.5.1) - restriction: || (== net6.0) (&& (== net8.0) (< net7.0)) (== netstandard2.0) (== netstandard2.1)
      System.Collections.Immutable (>= 8.0)
      System.Memory (>= 4.5.5) - restriction: || (== net6.0) (&& (== net8.0) (< net7.0)) (== netstandard2.0) (== netstandard2.1)
      System.Numerics.Vectors (>= 4.5) - restriction: || (== net6.0) (&& (== net8.0) (< net7.0)) (== netstandard2.0) (== netstandard2.1)
      System.Reflection.Metadata (>= 8.0)
      System.Runtime.CompilerServices.Unsafe (>= 6.0) - restriction: || (== net6.0) (&& (== net8.0) (< net7.0)) (== netstandard2.0) (== netstandard2.1)
      System.Text.Encoding.CodePages (>= 7.0) - restriction: || (== net6.0) (&& (== net8.0) (< net7.0)) (== netstandard2.0) (== netstandard2.1)
      System.Threading.Tasks.Extensions (>= 4.5.4) - restriction: || (== net6.0) (&& (== net8.0) (< net7.0)) (== netstandard2.0) (== netstandard2.1)
    Microsoft.CodeAnalysis.Razor (6.0.36) - restriction: || (&& (== net8.0) (< net6.0)) (== netstandard2.0) (== netstandard2.1)
      Microsoft.AspNetCore.Razor.Language (>= 6.0.36)
      Microsoft.CodeAnalysis.Common (>= 4.0)
      Microsoft.CodeAnalysis.CSharp (>= 4.0)
    Microsoft.CodeCoverage (17.12) - restriction: || (== net6.0) (== net8.0) (&& (== netstandard2.0) (>= net462)) (&& (== netstandard2.0) (>= netcoreapp3.1)) (&& (== netstandard2.1) (>= net462)) (&& (== netstandard2.1) (>= netcoreapp3.1))
    Microsoft.CSharp (4.7) - restriction: || (&& (== net8.0) (< net6.0)) (== netstandard2.0) (== netstandard2.1)
    Microsoft.Extensions.Caching.Abstractions (9.0.1) - restriction: || (&& (== net8.0) (< net6.0)) (== netstandard2.0) (== netstandard2.1)
      Microsoft.Extensions.Primitives (>= 9.0.1)
      System.Threading.Tasks.Extensions (>= 4.5.4) - restriction: || (== net6.0) (&& (== net8.0) (>= net462)) (== netstandard2.0) (== netstandard2.1)
    Microsoft.Extensions.Caching.Memory (9.0.1) - restriction: || (&& (== net8.0) (< net6.0)) (== netstandard2.0) (== netstandard2.1)
      Microsoft.Extensions.Caching.Abstractions (>= 9.0.1)
      Microsoft.Extensions.DependencyInjection.Abstractions (>= 9.0.1)
      Microsoft.Extensions.Logging.Abstractions (>= 9.0.1)
      Microsoft.Extensions.Options (>= 9.0.1)
      Microsoft.Extensions.Primitives (>= 9.0.1)
    Microsoft.Extensions.Configuration (9.0.1) - restriction: || (&& (== net8.0) (< net6.0)) (== netstandard2.0) (== netstandard2.1)
      Microsoft.Extensions.Configuration.Abstractions (>= 9.0.1)
      Microsoft.Extensions.Primitives (>= 9.0.1)
    Microsoft.Extensions.Configuration.Abstractions (9.0.1) - restriction: || (&& (== net8.0) (< net6.0)) (== netstandard2.0) (== netstandard2.1)
      Microsoft.Extensions.Primitives (>= 9.0.1)
    Microsoft.Extensions.Configuration.Binder (9.0.1) - restriction: || (&& (== net8.0) (< net6.0)) (== netstandard2.0) (== netstandard2.1)
      Microsoft.Extensions.Configuration.Abstractions (>= 9.0.1)
    Microsoft.Extensions.Configuration.CommandLine (9.0.1) - restriction: || (&& (== net8.0) (< net6.0)) (== netstandard2.0) (== netstandard2.1)
      Microsoft.Extensions.Configuration (>= 9.0.1)
      Microsoft.Extensions.Configuration.Abstractions (>= 9.0.1)
    Microsoft.Extensions.Configuration.EnvironmentVariables (9.0.1) - restriction: || (&& (== net8.0) (< net6.0)) (== netstandard2.0) (== netstandard2.1)
      Microsoft.Extensions.Configuration (>= 9.0.1)
      Microsoft.Extensions.Configuration.Abstractions (>= 9.0.1)
    Microsoft.Extensions.Configuration.FileExtensions (9.0.1) - restriction: || (&& (== net8.0) (< net6.0)) (== netstandard2.0) (== netstandard2.1)
      Microsoft.Extensions.Configuration (>= 9.0.1)
      Microsoft.Extensions.Configuration.Abstractions (>= 9.0.1)
      Microsoft.Extensions.FileProviders.Abstractions (>= 9.0.1)
      Microsoft.Extensions.FileProviders.Physical (>= 9.0.1)
      Microsoft.Extensions.Primitives (>= 9.0.1)
    Microsoft.Extensions.Configuration.Json (9.0.1) - restriction: || (&& (== net8.0) (< net6.0)) (== netstandard2.0) (== netstandard2.1)
      Microsoft.Extensions.Configuration (>= 9.0.1)
      Microsoft.Extensions.Configuration.Abstractions (>= 9.0.1)
      Microsoft.Extensions.Configuration.FileExtensions (>= 9.0.1)
      Microsoft.Extensions.FileProviders.Abstractions (>= 9.0.1)
      System.Text.Json (>= 9.0.1)
    Microsoft.Extensions.Configuration.UserSecrets (9.0.1) - restriction: || (&& (== net8.0) (< net6.0)) (== netstandard2.0) (== netstandard2.1)
      Microsoft.Extensions.Configuration.Abstractions (>= 9.0.1)
      Microsoft.Extensions.Configuration.Json (>= 9.0.1)
      Microsoft.Extensions.FileProviders.Abstractions (>= 9.0.1)
      Microsoft.Extensions.FileProviders.Physical (>= 9.0.1)
    Microsoft.Extensions.DependencyInjection (9.0.1) - restriction: || (&& (== net8.0) (< net6.0)) (== netstandard2.0) (== netstandard2.1)
      Microsoft.Bcl.AsyncInterfaces (>= 9.0.1) - restriction: || (&& (== net6.0) (>= net462)) (&& (== net6.0) (< netstandard2.1)) (&& (== net8.0) (>= net462)) (&& (== net8.0) (< netstandard2.1)) (== netstandard2.0) (&& (== netstandard2.1) (>= net462))
      Microsoft.Extensions.DependencyInjection.Abstractions (>= 9.0.1)
      System.Threading.Tasks.Extensions (>= 4.5.4) - restriction: || (&& (== net6.0) (>= net462)) (&& (== net6.0) (< netstandard2.1)) (&& (== net8.0) (>= net462)) (&& (== net8.0) (< netstandard2.1)) (== netstandard2.0) (&& (== netstandard2.1) (>= net462))
    Microsoft.Extensions.DependencyInjection.Abstractions (9.0.1) - restriction: || (&& (== net8.0) (< net6.0)) (== netstandard2.0) (== netstandard2.1)
      Microsoft.Bcl.AsyncInterfaces (>= 9.0.1) - restriction: || (&& (== net6.0) (>= net462)) (&& (== net6.0) (< netstandard2.1)) (&& (== net8.0) (>= net462)) (&& (== net8.0) (< netstandard2.1)) (== netstandard2.0) (&& (== netstandard2.1) (>= net462))
      System.Threading.Tasks.Extensions (>= 4.5.4) - restriction: || (&& (== net6.0) (>= net462)) (&& (== net6.0) (< netstandard2.1)) (&& (== net8.0) (>= net462)) (&& (== net8.0) (< netstandard2.1)) (== netstandard2.0) (&& (== netstandard2.1) (>= net462))
    Microsoft.Extensions.DependencyModel (9.0.1) - restriction: || (&& (== net8.0) (< net6.0)) (== netstandard2.0) (== netstandard2.1)
      System.Buffers (>= 4.5.1) - restriction: || (== net6.0) (&& (== net8.0) (>= net462)) (== netstandard2.0) (== netstandard2.1)
      System.Memory (>= 4.5.5) - restriction: || (== net6.0) (&& (== net8.0) (>= net462)) (== netstandard2.0) (== netstandard2.1)
      System.Text.Encodings.Web (>= 9.0.1)
      System.Text.Json (>= 9.0.1)
    Microsoft.Extensions.Diagnostics.Abstractions (9.0.1) - restriction: || (&& (== net8.0) (< net6.0)) (== netstandard2.0) (== netstandard2.1)
      Microsoft.Extensions.DependencyInjection.Abstractions (>= 9.0.1)
      Microsoft.Extensions.Options (>= 9.0.1)
      System.Buffers (>= 4.5.1) - restriction: || (== net6.0) (&& (== net8.0) (>= net462)) (== netstandard2.0) (== netstandard2.1)
      System.Diagnostics.DiagnosticSource (>= 9.0.1)
      System.Memory (>= 4.5.5) - restriction: || (== net6.0) (&& (== net8.0) (>= net462)) (== netstandard2.0) (== netstandard2.1)
    Microsoft.Extensions.Features (9.0.1) - restriction: || (&& (== net8.0) (< net6.0)) (== netstandard2.0) (== netstandard2.1)
    Microsoft.Extensions.FileProviders.Abstractions (9.0.1) - restriction: || (&& (== net8.0) (< net6.0)) (== netstandard2.0) (== netstandard2.1)
      Microsoft.Extensions.Primitives (>= 9.0.1)
    Microsoft.Extensions.FileProviders.Composite (9.0.1) - restriction: || (&& (== net8.0) (>= net461)) (&& (== net8.0) (< net6.0)) (== netstandard2.0) (== netstandard2.1)
      Microsoft.Extensions.FileProviders.Abstractions (>= 9.0.1)
      Microsoft.Extensions.Primitives (>= 9.0.1)
    Microsoft.Extensions.FileProviders.Physical (9.0.1) - restriction: || (&& (== net8.0) (< net6.0)) (== netstandard2.0) (== netstandard2.1)
      Microsoft.Extensions.FileProviders.Abstractions (>= 9.0.1)
      Microsoft.Extensions.FileSystemGlobbing (>= 9.0.1)
      Microsoft.Extensions.Primitives (>= 9.0.1)
    Microsoft.Extensions.FileSystemGlobbing (9.0.1) - restriction: || (&& (== net8.0) (< net6.0)) (== netstandard2.0) (== netstandard2.1)
    Microsoft.Extensions.Hosting.Abstractions (9.0.1) - restriction: || (&& (== net8.0) (< net6.0)) (== netstandard2.0) (== netstandard2.1)
      Microsoft.Bcl.AsyncInterfaces (>= 9.0.1) - restriction: || (&& (== net6.0) (>= net462)) (&& (== net6.0) (< netstandard2.1)) (&& (== net8.0) (>= net462)) (&& (== net8.0) (< netstandard2.1)) (== netstandard2.0) (&& (== netstandard2.1) (>= net462))
      Microsoft.Extensions.Configuration.Abstractions (>= 9.0.1)
      Microsoft.Extensions.DependencyInjection.Abstractions (>= 9.0.1)
      Microsoft.Extensions.Diagnostics.Abstractions (>= 9.0.1)
      Microsoft.Extensions.FileProviders.Abstractions (>= 9.0.1)
      Microsoft.Extensions.Logging.Abstractions (>= 9.0.1)
      System.Threading.Tasks.Extensions (>= 4.5.4) - restriction: || (&& (== net6.0) (>= net462)) (&& (== net6.0) (< netstandard2.1)) (&& (== net8.0) (>= net462)) (&& (== net8.0) (< netstandard2.1)) (== netstandard2.0) (&& (== netstandard2.1) (>= net462))
    Microsoft.Extensions.Http (9.0.1) - restriction: || (&& (== net8.0) (< net6.0)) (== netstandard2.0) (== netstandard2.1)
      Microsoft.Extensions.Configuration.Abstractions (>= 9.0.1)
      Microsoft.Extensions.DependencyInjection.Abstractions (>= 9.0.1)
      Microsoft.Extensions.Logging (>= 9.0.1)
      Microsoft.Extensions.Logging.Abstractions (>= 9.0.1)
      Microsoft.Extensions.Options (>= 9.0.1)
    Microsoft.Extensions.Localization (9.0.1) - restriction: || (&& (== net8.0) (< net6.0)) (== netstandard2.0) (== netstandard2.1)
      Microsoft.Extensions.DependencyInjection.Abstractions (>= 9.0.1)
      Microsoft.Extensions.Localization.Abstractions (>= 9.0.1)
      Microsoft.Extensions.Logging.Abstractions (>= 9.0.1)
      Microsoft.Extensions.Options (>= 9.0.1)
    Microsoft.Extensions.Localization.Abstractions (9.0.1) - restriction: || (&& (== net8.0) (< net6.0)) (== netstandard2.0) (== netstandard2.1)
    Microsoft.Extensions.Logging (9.0.1) - restriction: || (&& (== net8.0) (< net6.0)) (== netstandard2.0) (== netstandard2.1)
      Microsoft.Bcl.AsyncInterfaces (>= 9.0.1) - restriction: || (&& (== net6.0) (>= net462)) (&& (== net6.0) (< netstandard2.1)) (&& (== net8.0) (>= net462)) (&& (== net8.0) (< netstandard2.1)) (== netstandard2.0) (&& (== netstandard2.1) (>= net462))
      Microsoft.Extensions.DependencyInjection (>= 9.0.1)
      Microsoft.Extensions.Logging.Abstractions (>= 9.0.1)
      Microsoft.Extensions.Options (>= 9.0.1)
      System.Diagnostics.DiagnosticSource (>= 9.0.1) - restriction: || (== net6.0) (&& (== net8.0) (>= net462)) (&& (== net8.0) (< netstandard2.1)) (== netstandard2.0) (== netstandard2.1)
    Microsoft.Extensions.Logging.Abstractions (9.0.1) - restriction: || (&& (== net8.0) (< net6.0)) (== netstandard2.0) (== netstandard2.1)
      Microsoft.Extensions.DependencyInjection.Abstractions (>= 9.0.1)
      System.Buffers (>= 4.5.1) - restriction: || (== net6.0) (&& (== net8.0) (>= net462)) (== netstandard2.0) (== netstandard2.1)
      System.Diagnostics.DiagnosticSource (>= 9.0.1)
      System.Memory (>= 4.5.5) - restriction: || (== net6.0) (&& (== net8.0) (>= net462)) (== netstandard2.0) (== netstandard2.1)
    Microsoft.Extensions.Logging.Configuration (9.0.1) - restriction: || (&& (== net8.0) (< net6.0)) (== netstandard2.0) (== netstandard2.1)
      Microsoft.Extensions.Configuration (>= 9.0.1)
      Microsoft.Extensions.Configuration.Abstractions (>= 9.0.1)
      Microsoft.Extensions.Configuration.Binder (>= 9.0.1)
      Microsoft.Extensions.DependencyInjection.Abstractions (>= 9.0.1)
      Microsoft.Extensions.Logging (>= 9.0.1)
      Microsoft.Extensions.Logging.Abstractions (>= 9.0.1)
      Microsoft.Extensions.Options (>= 9.0.1)
      Microsoft.Extensions.Options.ConfigurationExtensions (>= 9.0.1)
    Microsoft.Extensions.Logging.Console (9.0.1) - restriction: || (&& (== net8.0) (< net6.0)) (== netstandard2.0) (== netstandard2.1)
      Microsoft.Bcl.AsyncInterfaces (>= 9.0.1) - restriction: || (== net6.0) (&& (== net8.0) (>= net462)) (== netstandard2.0) (== netstandard2.1)
      Microsoft.Extensions.DependencyInjection.Abstractions (>= 9.0.1)
      Microsoft.Extensions.Logging (>= 9.0.1)
      Microsoft.Extensions.Logging.Abstractions (>= 9.0.1)
      Microsoft.Extensions.Logging.Configuration (>= 9.0.1)
      Microsoft.Extensions.Options (>= 9.0.1)
      System.Buffers (>= 4.5.1) - restriction: || (== net6.0) (&& (== net8.0) (>= net462)) (== netstandard2.0) (== netstandard2.1)
      System.Text.Json (>= 9.0.1)
    Microsoft.Extensions.Logging.Debug (9.0.1) - restriction: || (&& (== net8.0) (< net6.0)) (== netstandard2.0) (== netstandard2.1)
      Microsoft.Extensions.DependencyInjection.Abstractions (>= 9.0.1)
      Microsoft.Extensions.Logging (>= 9.0.1)
      Microsoft.Extensions.Logging.Abstractions (>= 9.0.1)
    Microsoft.Extensions.ObjectPool (9.0.1) - restriction: || (&& (== net8.0) (< net6.0)) (== netstandard2.0) (== netstandard2.1)
    Microsoft.Extensions.Options (9.0.1) - restriction: || (&& (== net8.0) (< net6.0)) (== netstandard2.0) (== netstandard2.1)
      Microsoft.Extensions.DependencyInjection.Abstractions (>= 9.0.1)
      Microsoft.Extensions.Primitives (>= 9.0.1)
      System.ComponentModel.Annotations (>= 5.0) - restriction: || (== net6.0) (&& (== net8.0) (< netstandard2.1)) (== netstandard2.0) (== netstandard2.1)
    Microsoft.Extensions.Options.ConfigurationExtensions (9.0.1) - restriction: || (&& (== net8.0) (< net6.0)) (== netstandard2.0) (== netstandard2.1)
      Microsoft.Extensions.Configuration.Abstractions (>= 9.0.1)
      Microsoft.Extensions.Configuration.Binder (>= 9.0.1)
      Microsoft.Extensions.DependencyInjection.Abstractions (>= 9.0.1)
      Microsoft.Extensions.Options (>= 9.0.1)
      Microsoft.Extensions.Primitives (>= 9.0.1)
    Microsoft.Extensions.Primitives (9.0.1) - restriction: || (&& (== net8.0) (< net6.0)) (== netstandard2.0) (== netstandard2.1)
      System.Memory (>= 4.5.5) - restriction: || (== net6.0) (&& (== net8.0) (>= net462)) (== netstandard2.0) (== netstandard2.1)
      System.Runtime.CompilerServices.Unsafe (>= 6.0) - restriction: || (== net6.0) (&& (== net8.0) (>= net462)) (== netstandard2.0) (== netstandard2.1)
    Microsoft.Extensions.WebEncoders (9.0.1) - restriction: || (&& (== net8.0) (< net6.0)) (== netstandard2.0) (== netstandard2.1)
      Microsoft.Extensions.DependencyInjection.Abstractions (>= 9.0.1)
      Microsoft.Extensions.Options (>= 9.0.1)
      System.Text.Encodings.Web (>= 9.0.1)
    Microsoft.Net.Http.Headers (9.0.1) - restriction: || (&& (== net8.0) (< net6.0)) (== netstandard2.0) (== netstandard2.1)
      Microsoft.Extensions.Primitives (>= 9.0.1)
    Microsoft.NET.Test.Sdk (17.12)
      Microsoft.CodeCoverage (>= 17.12) - restriction: || (== net6.0) (== net8.0) (&& (== netstandard2.0) (>= net462)) (&& (== netstandard2.0) (>= netcoreapp3.1)) (&& (== netstandard2.1) (>= net462)) (&& (== netstandard2.1) (>= netcoreapp3.1))
      Microsoft.TestPlatform.TestHost (>= 17.12) - restriction: || (== net6.0) (== net8.0) (&& (== netstandard2.0) (>= netcoreapp3.1)) (&& (== netstandard2.1) (>= netcoreapp3.1))
    Microsoft.TestPlatform.ObjectModel (17.12) - restriction: || (== net6.0) (== net8.0) (&& (== netstandard2.0) (>= netcoreapp3.1)) (&& (== netstandard2.1) (>= netcoreapp3.1))
      System.Reflection.Metadata (>= 1.6)
    Microsoft.TestPlatform.TestHost (17.12) - restriction: || (== net6.0) (== net8.0) (&& (== netstandard2.0) (>= netcoreapp3.1)) (&& (== netstandard2.1) (>= netcoreapp3.1))
      Microsoft.TestPlatform.ObjectModel (>= 17.12) - restriction: || (== net6.0) (== net8.0) (&& (== netstandard2.0) (>= netcoreapp3.1)) (&& (== netstandard2.1) (>= netcoreapp3.1))
      Newtonsoft.Json (>= 13.0.1) - restriction: || (== net6.0) (== net8.0) (&& (== netstandard2.0) (>= netcoreapp3.1)) (&& (== netstandard2.1) (>= netcoreapp3.1))
    Microsoft.Win32.Registry (5.0) - restriction: || (&& (== net8.0) (>= net462)) (&& (== net8.0) (< net6.0)) (== netstandard2.0) (== netstandard2.1)
      System.Buffers (>= 4.5.1) - restriction: || (&& (== net6.0) (>= monoandroid) (< netstandard1.3)) (&& (== net6.0) (>= monotouch)) (&& (== net6.0) (< netcoreapp2.0)) (&& (== net6.0) (>= xamarinios)) (&& (== net6.0) (>= xamarinmac)) (&& (== net6.0) (>= xamarintvos)) (&& (== net6.0) (>= xamarinwatchos)) (&& (== net8.0) (>= monoandroid) (< netstandard1.3)) (&& (== net8.0) (>= monotouch)) (&& (== net8.0) (< netcoreapp2.0)) (&& (== net8.0) (>= xamarinios)) (&& (== net8.0) (>= xamarinmac)) (&& (== net8.0) (>= xamarintvos)) (&& (== net8.0) (>= xamarinwatchos)) (== netstandard2.0) (== netstandard2.1)
      System.Memory (>= 4.5.4) - restriction: || (&& (== net6.0) (< netcoreapp2.0)) (&& (== net6.0) (< netcoreapp2.1)) (&& (== net6.0) (>= uap10.1)) (&& (== net8.0) (< netcoreapp2.0)) (&& (== net8.0) (< netcoreapp2.1)) (&& (== net8.0) (>= uap10.1)) (== netstandard2.0) (== netstandard2.1)
      System.Security.AccessControl (>= 5.0)
      System.Security.Principal.Windows (>= 5.0)
    Newtonsoft.Json (13.0.3)
    Newtonsoft.Json.Bson (1.0.3) - restriction: || (&& (== net8.0) (< net6.0)) (== netstandard2.0) (== netstandard2.1)
      Newtonsoft.Json (>= 13.0.1)
    NodaTime (3.2.1)
      System.Runtime.CompilerServices.Unsafe (>= 6.0) - restriction: || (&& (== net8.0) (< net6.0)) (== netstandard2.0) (== netstandard2.1)
    NUnit (4.3.2)
    NUnit3TestAdapter (4.6)
    Polyliner.Net (1.0.2)
    System.Buffers (4.6)
    System.Collections.Immutable (9.0.1)
      System.Memory (>= 4.5.5) - restriction: || (== net6.0) (&& (== net8.0) (>= net462)) (== netstandard2.0) (== netstandard2.1)
      System.Runtime.CompilerServices.Unsafe (>= 6.0) - restriction: || (== net6.0) (&& (== net8.0) (>= net462)) (== netstandard2.0) (== netstandard2.1)
    System.ComponentModel.Annotations (5.0) - restriction: || (&& (== net8.0) (< net6.0)) (&& (== net8.0) (< netstandard2.1)) (== netstandard2.0) (== netstandard2.1)
    System.Configuration.ConfigurationManager (9.0.1)
      System.Diagnostics.EventLog (>= 9.0.1) - restriction: || (&& (== net6.0) (>= net8.0)) (== net8.0) (&& (== netstandard2.0) (>= net8.0)) (&& (== netstandard2.1) (>= net8.0))
      System.Security.Cryptography.ProtectedData (>= 9.0.1)
    System.Diagnostics.DiagnosticSource (9.0.1)
      System.Memory (>= 4.5.5) - restriction: || (== net6.0) (&& (== net8.0) (>= net462)) (== netstandard2.0) (== netstandard2.1)
      System.Runtime.CompilerServices.Unsafe (>= 6.0) - restriction: || (== net6.0) (&& (== net8.0) (>= net462)) (== netstandard2.0) (== netstandard2.1)
    System.Diagnostics.EventLog (9.0.1) - restriction: || (&& (== net6.0) (>= net8.0)) (== net8.0) (&& (== netstandard2.0) (>= net8.0)) (&& (== netstandard2.1) (>= net8.0))
    System.Formats.Asn1 (9.0.1) - restriction: || (&& (== net8.0) (>= net462)) (&& (== net8.0) (< net6.0)) (== netstandard2.0) (== netstandard2.1)
      System.Buffers (>= 4.5.1) - restriction: || (== net6.0) (&& (== net8.0) (>= net462)) (== netstandard2.0) (== netstandard2.1)
      System.Memory (>= 4.5.5) - restriction: || (== net6.0) (&& (== net8.0) (>= net462)) (== netstandard2.0) (== netstandard2.1)
    System.IO.Pipelines (9.0.1)
      System.Buffers (>= 4.5.1) - restriction: || (== net6.0) (&& (== net8.0) (>= net462)) (== netstandard2.0) (== netstandard2.1)
      System.Memory (>= 4.5.5) - restriction: || (== net6.0) (&& (== net8.0) (>= net462)) (== netstandard2.0) (== netstandard2.1)
      System.Threading.Tasks.Extensions (>= 4.5.4) - restriction: || (== net6.0) (&& (== net8.0) (>= net462)) (== netstandard2.0) (== netstandard2.1)
    System.Memory (4.6)
      System.Buffers (>= 4.6) - restriction: || (&& (== net6.0) (>= net462)) (&& (== net6.0) (< netcoreapp2.1)) (&& (== net8.0) (>= net462)) (&& (== net8.0) (< netcoreapp2.1)) (== netstandard2.0) (== netstandard2.1)
      System.Numerics.Vectors (>= 4.6) - restriction: || (&& (== net6.0) (>= net462)) (&& (== net6.0) (< netcoreapp2.1)) (&& (== net8.0) (>= net462)) (&& (== net8.0) (< netcoreapp2.1)) (== netstandard2.0) (== netstandard2.1)
      System.Runtime.CompilerServices.Unsafe (>= 6.1) - restriction: || (&& (== net6.0) (>= net462)) (&& (== net6.0) (< netcoreapp2.1)) (&& (== net8.0) (>= net462)) (&& (== net8.0) (< netcoreapp2.1)) (== netstandard2.0) (== netstandard2.1)
    System.Numerics.Vectors (4.6) - restriction: || (&& (== net6.0) (>= net462)) (&& (== net6.0) (< netcoreapp2.1)) (&& (== net8.0) (>= net462)) (&& (== net8.0) (< netcoreapp2.1)) (== netstandard2.0) (== netstandard2.1)
    System.Reflection.Emit (4.7)
      System.Reflection.Emit.ILGeneration (>= 4.7) - restriction: || (&& (== net6.0) (< netcoreapp2.0) (< netstandard2.1)) (&& (== net6.0) (< netstandard1.1)) (&& (== net6.0) (< netstandard2.0)) (&& (== net6.0) (>= uap10.1)) (&& (== net8.0) (< netcoreapp2.0) (< netstandard2.1)) (&& (== net8.0) (< netstandard1.1)) (&& (== net8.0) (< netstandard2.0)) (&& (== net8.0) (>= uap10.1)) (== netstandard2.0) (&& (== netstandard2.1) (< netstandard1.1)) (&& (== netstandard2.1) (< netstandard2.0)) (&& (== netstandard2.1) (>= uap10.1))
    System.Reflection.Emit.ILGeneration (4.7) - restriction: || (&& (== net6.0) (< netcoreapp2.0) (< netstandard2.1)) (&& (== net6.0) (< netstandard1.1)) (&& (== net6.0) (< netstandard2.0)) (&& (== net6.0) (>= uap10.1)) (&& (== net8.0) (< netcoreapp2.0) (< netstandard2.1)) (&& (== net8.0) (< netstandard1.1)) (&& (== net8.0) (< netstandard2.0)) (&& (== net8.0) (>= uap10.1)) (== netstandard2.0) (&& (== netstandard2.1) (< netstandard1.1)) (&& (== netstandard2.1) (< netstandard2.0)) (&& (== netstandard2.1) (>= uap10.1))
    System.Reflection.Metadata (9.0.1)
      System.Collections.Immutable (>= 9.0.1)
      System.Memory (>= 4.5.5) - restriction: || (== net6.0) (&& (== net8.0) (>= net462)) (== netstandard2.0) (== netstandard2.1)
    System.Runtime.CompilerServices.Unsafe (6.1)
    System.Security.AccessControl (6.0.1) - restriction: || (&& (== net8.0) (< net6.0)) (== netstandard2.0) (== netstandard2.1)
      System.Security.Principal.Windows (>= 5.0) - restriction: || (&& (== net6.0) (>= net461)) (&& (== net8.0) (>= net461)) (&& (== net8.0) (< net6.0)) (== netstandard2.0) (== netstandard2.1)
    System.Security.Cryptography.Cng (5.0) - restriction: || (&& (== net8.0) (< net6.0)) (== netstandard2.0) (== netstandard2.1)
    System.Security.Cryptography.Pkcs (9.0.1) - restriction: || (&& (== net8.0) (< net6.0)) (&& (== net8.0) (< netstandard2.0)) (== netstandard2.0) (== netstandard2.1)
      Microsoft.Bcl.Cryptography (>= 9.0.1)
      System.Buffers (>= 4.5.1) - restriction: || (&& (== net6.0) (< netstandard2.1)) (&& (== net8.0) (< netstandard2.1)) (== netstandard2.0)
      System.Formats.Asn1 (>= 9.0.1)
      System.Memory (>= 4.5.5) - restriction: || (&& (== net6.0) (< netstandard2.1)) (&& (== net8.0) (< netstandard2.1)) (== netstandard2.0)
      System.Runtime.CompilerServices.Unsafe (>= 6.0) - restriction: || (== net6.0) (&& (== net8.0) (< netstandard2.1)) (== netstandard2.0) (== netstandard2.1)
      System.Security.Cryptography.Cng (>= 5.0) - restriction: || (== net6.0) (&& (== net8.0) (< netstandard2.1)) (== netstandard2.0) (== netstandard2.1)
    System.Security.Cryptography.ProtectedData (9.0.1)
      System.Memory (>= 4.5.5) - restriction: || (== net6.0) (== netstandard2.0) (== netstandard2.1)
    System.Security.Cryptography.Xml (9.0.1) - restriction: || (&& (== net8.0) (< net6.0)) (== netstandard2.0) (== netstandard2.1)
      Microsoft.Bcl.Cryptography (>= 9.0.1)
      System.Memory (>= 4.5.5) - restriction: || (== net6.0) (== netstandard2.0) (== netstandard2.1)
      System.Security.AccessControl (>= 6.0) - restriction: || (== net6.0) (== netstandard2.0) (== netstandard2.1)
      System.Security.Cryptography.Pkcs (>= 9.0.1)
    System.Security.Principal.Windows (5.0) - restriction: || (&& (== net8.0) (< net6.0)) (== netstandard2.0) (== netstandard2.1)
    System.Text.Encoding.CodePages (9.0.1) - restriction: || (&& (== net8.0) (< net6.0)) (== netstandard2.0) (== netstandard2.1)
      System.Memory (>= 4.5.5) - restriction: || (== net6.0) (&& (== net8.0) (>= net462)) (== netstandard2.0) (== netstandard2.1)
      System.Runtime.CompilerServices.Unsafe (>= 6.0) - restriction: || (== net6.0) (&& (== net8.0) (>= net462)) (== netstandard2.0) (== netstandard2.1)
    System.Text.Encodings.Web (9.0.1)
      System.Buffers (>= 4.5.1) - restriction: || (== net6.0) (&& (== net8.0) (>= net462)) (== netstandard2.0) (== netstandard2.1)
      System.Memory (>= 4.5.5) - restriction: || (== net6.0) (&& (== net8.0) (>= net462)) (== netstandard2.0) (== netstandard2.1)
      System.Runtime.CompilerServices.Unsafe (>= 6.0) - restriction: || (== net6.0) (&& (== net8.0) (>= net462)) (== netstandard2.0) (== netstandard2.1)
    System.Text.Json (9.0.1)
      Microsoft.Bcl.AsyncInterfaces (>= 9.0.1) - restriction: || (== net6.0) (&& (== net8.0) (>= net462)) (== netstandard2.0) (== netstandard2.1)
      System.Buffers (>= 4.5.1) - restriction: || (== net6.0) (&& (== net8.0) (>= net462)) (== netstandard2.0) (== netstandard2.1)
      System.IO.Pipelines (>= 9.0.1)
      System.Memory (>= 4.5.5) - restriction: || (== net6.0) (&& (== net8.0) (>= net462)) (== netstandard2.0) (== netstandard2.1)
      System.Runtime.CompilerServices.Unsafe (>= 6.0) - restriction: || (== net6.0) (&& (== net8.0) (>= net462)) (== netstandard2.0) (== netstandard2.1)
      System.Text.Encodings.Web (>= 9.0.1)
      System.Threading.Tasks.Extensions (>= 4.5.4) - restriction: || (== net6.0) (&& (== net8.0) (>= net462)) (== netstandard2.0) (== netstandard2.1)
    System.Threading.Tasks.Extensions (4.6) - restriction: || (== net6.0) (&& (== net8.0) (>= net462)) (&& (== net8.0) (< net6.0)) (&& (== net8.0) (< netstandard2.1)) (== netstandard2.0) (== netstandard2.1)
      System.Runtime.CompilerServices.Unsafe (>= 6.1) - restriction: || (&& (== net6.0) (>= net462)) (&& (== net6.0) (< netcoreapp2.1)) (&& (== net8.0) (>= net462)) (&& (== net8.0) (< netcoreapp2.1)) (== netstandard2.0) (== netstandard2.1)
    Thoth.Json (10.4.1)
      Fable.Core (>= 4.1)
      FSharp.Core (>= 5.0.2)
  remote: ~/local.packages
    FsHafas (2.10.0)
      FSharp.SystemTextJson (>= 1.3.13) - restriction: || (&& (== net6.0) (>= net8.0)) (== net8.0) (&& (== netstandard2.0) (>= net8.0)) (&& (== netstandard2.1) (>= net8.0))
      FSlugify (>= 1.2.1) - restriction: || (&& (== net6.0) (>= net8.0)) (== net8.0) (&& (== netstandard2.0) (>= net8.0)) (&& (== netstandard2.1) (>= net8.0))
      NodaTime (>= 3.2.1) - restriction: || (&& (== net6.0) (>= net8.0)) (== net8.0) (&& (== netstandard2.0) (>= net8.0)) (&& (== netstandard2.1) (>= net8.0))
      Polyliner.Net (>= 1.0.2) - restriction: || (&& (== net6.0) (>= net8.0)) (== net8.0) (&& (== netstandard2.0) (>= net8.0)) (&& (== netstandard2.1) (>= net8.0))
    FsHafas.JavaScript (2.10.0)
      Fable.Core (>= 4.3)
      Fable.Fetch (>= 2.7)
      Thoth.Json (>= 10.2)
    FsHafas.Profiles (2.10.0)
      FsHafas (>= 2.10) - restriction: || (&& (== net6.0) (>= net8.0)) (== net8.0) (&& (== netstandard2.0) (>= net8.0)) (&& (== netstandard2.1) (>= net8.0))
      FSharp.SystemTextJson (>= 1.3.13) - restriction: || (&& (== net6.0) (>= net8.0)) (== net8.0) (&& (== netstandard2.0) (>= net8.0)) (&& (== netstandard2.1) (>= net8.0))
      FSlugify (>= 1.2.1) - restriction: || (&& (== net6.0) (>= net8.0)) (== net8.0) (&& (== netstandard2.0) (>= net8.0)) (&& (== netstandard2.1) (>= net8.0))
      NodaTime (>= 3.2.1) - restriction: || (&& (== net6.0) (>= net8.0)) (== net8.0) (&& (== netstandard2.0) (>= net8.0)) (&& (== netstandard2.1) (>= net8.0))
      Polyliner.Net (>= 1.0.2) - restriction: || (&& (== net6.0) (>= net8.0)) (== net8.0) (&& (== netstandard2.0) (>= net8.0)) (&& (== netstandard2.1) (>= net8.0))
    FsHafas.Profiles.JavaScript (2.10.0)
      Fable.Core (>= 4.3)
      Fable.Fetch (>= 2.7)
      FsHafas.JavaScript (>= 2.10)
      Thoth.Json (>= 10.2)
    FsHafas.Profiles.Python (2.9.0-beta-0.0.29)
      Fable.Core (>= 4.3) - restriction: || (&& (== net6.0) (>= net8.0)) (== net8.0) (&& (== netstandard2.0) (>= net8.0)) (&& (== netstandard2.1) (>= net8.0))
      Fable.SimpleJson.Python (>= 2.0) - restriction: || (&& (== net6.0) (>= net8.0)) (== net8.0) (&& (== netstandard2.0) (>= net8.0)) (&& (== netstandard2.1) (>= net8.0))
      FsHafas.Python (>= 2.9.0-beta-0.0.29) - restriction: || (&& (== net6.0) (>= net8.0)) (== net8.0) (&& (== netstandard2.0) (>= net8.0)) (&& (== netstandard2.1) (>= net8.0))
    FsHafas.Python (2.9.0-beta-0.0.29)
      Fable.Core (>= 4.3) - restriction: || (&& (== net6.0) (>= net8.0)) (== net8.0) (&& (== netstandard2.0) (>= net8.0)) (&& (== netstandard2.1) (>= net8.0))
      Fable.SimpleJson.Python (>= 2.0) - restriction: || (&& (== net6.0) (>= net8.0)) (== net8.0) (&& (== netstandard2.0) (>= net8.0)) (&& (== netstandard2.1) (>= net8.0))
    Hafas.Client.Bindings (6.3.0)
      Fable.Core (>= 4.3)
